GEM
  remote: https://rubygems.org/
  specs:
    activemodel (5.0.0)
      activesupport (= 5.0.0)
    activerecord (5.0.0)
      activemodel (= 5.0.0)
      activesupport (= 5.0.0)
      arel (~> 7.0)
    activesupport (5.0.0)
      concurrent-ruby (~> 1.0, >= 1.0.2)
      i18n (~> 0.7)
      minitest (~> 5.1)
      tzinfo (~> 1.1)
    addressable (2.4.0)
    arel (7.1.4)
    choice (0.2.0)
    coderay (1.1.1)
    concurrent-ruby (1.0.2)
    cpf_cnpj (0.3.0)
    crack (0.4.3)
      safe_yaml (~> 1.0.0)
    database_cleaner (1.5.3)
    diff-lcs (1.2.5)
    factory_girl (4.7.0)
      activesupport (>= 3.0.0)
    faker (1.6.6)
      i18n (~> 0.5)
    hashdiff (0.3.0)
    i18n (0.7.0)
    method_source (0.8.2)
    minitest (5.9.1)
    notgun (0.9.2)
      rack (>= 1.0)
    pg (0.19.0)
    pg_search (1.0.6)
      activerecord (>= 3.1)
      activesupport (>= 3.1)
      arel
    pry (0.10.4)
      coderay (~> 1.1.0)
      method_source (~> 0.8.1)
      slop (~> 3.4)
    puma (3.6.0)
    rack (2.0.1)
    rack-cors (0.4.0)
    rack-test (0.6.3)
      rack (>= 1.0)
    rails-erd (1.5.0)
      activerecord (>= 3.2)
      activesupport (>= 3.2)
      choice (~> 0.2.0)
      ruby-graphviz (~> 1.2)
    rake (11.3.0)
    roda (2.19.0)
      rack
    rspec (3.5.0)
      rspec-core (~> 3.5.0)
      rspec-expectations (~> 3.5.0)
      rspec-mocks (~> 3.5.0)
    rspec-core (3.5.4)
      rspec-support (~> 3.5.0)
    rspec-expectations (3.5.0)
      diff-lcs (>= 1.2.0, < 2.0)
      rspec-support (~> 3.5.0)
    rspec-mocks (3.5.0)
      diff-lcs (>= 1.2.0, < 2.0)
      rspec-support (~> 3.5.0)
    rspec-support (3.5.0)
    ruby-graphviz (1.2.2)
    safe_yaml (1.0.4)
    shoulda-matchers (3.1.1)
      activesupport (>= 4.0.0)
    slop (3.6.0)
    state_machines (0.4.0)
    state_machines-activemodel (0.4.0)
      activemodel (>= 4.1, < 5.1)
      state_machines (>= 0.4.0)
    state_machines-activerecord (0.4.0)
      activerecord (>= 4.1, < 5.1)
      state_machines-activemodel (>= 0.3.0)
    thread_safe (0.3.5)
    timecop (0.8.1)
    tzinfo (1.2.2)
      thread_safe (~> 0.1)
    vcr (3.0.3)
    webmock (2.1.0)
      addressable (>= 2.3.6)
      crack (>= 0.3.2)
      hashdiff
    will_paginate (3.1.5)

PLATFORMS
  ruby

DEPENDENCIES
  activerecord (= 5.0.0)
  cpf_cnpj
  database_cleaner
  factory_girl
  faker
  notgun (= 0.9.2)
  pg (= 0.19.0)
  pg_search
  pry
  puma (= 3.6)
  rack-cors (= 0.4.0)
  rack-test
  rails-erd
  rake (= 11.3.0)
  roda (= 2.19)
  rspec
  shoulda-matchers
  state_machines-activerecord (~> 0.4.0)
  timecop
  vcr
  webmock
  will_paginate (~> 3.1.0)

RUBY VERSION
   ruby 2.3.1p112

BUNDLED WITH
   1.13.2
